GIT
  remote: https://github.com/CUOnline/wolf_core
  revision: 3ebc74eb89f28f06982057db0e85935068a610bc
  tag: v0.1.0
  specs:
    wolf_core (0.1.0)
      dbd-odbc (~> 0.2)
      dbi (~> 0.4)
      faraday (~> 0.9)
      faraday_middleware (~> 0.10)
      ims-lti (~> 1.1)
      json (~> 1.8)
      mail (~> 2.6)
      rack-ssl-enforcer (~> 0.2)
      rake (~> 10.5)
      redis-activesupport (~> 5.0.1)
      resque (~> 1.25)
      ruby-odbc (~> 0.99997)
      sinatra (~> 1.4)
      sinatra-canvas_auth (~> 0.1.0)
      sinatra-config-file (~> 1.0)
      sinatra-flash (~> 0.3)
      slim (~> 3.0)
      typhoeus (~> 1.1)

GEM
  remote: https://rubygems.org/
  specs:
    activesupport (5.0.0.1)
      concurrent-ruby (~> 1.0, >= 1.0.2)
      i18n (~> 0.7)
      minitest (~> 5.1)
      tzinfo (~> 1.1)
    addressable (2.5.0)
      public_suffix (~> 2.0, >= 2.0.2)
    airbrussh (1.1.1)
      sshkit (>= 1.6.1, != 1.7.0)
    backports (3.6.8)
    builder (3.2.2)
    byebug (8.2.5)
    capistrano (3.6.1)
      airbrussh (>= 1.0.0)
      capistrano-harrow
      i18n
      rake (>= 10.0.0)
      sshkit (>= 1.9.0)
    capistrano-bundler (1.2.0)
      capistrano (~> 3.1)
      sshkit (~> 1.2)
    capistrano-harrow (0.5.3)
    concurrent-ruby (1.0.2)
    crack (0.4.3)
      safe_yaml (~> 1.0.0)
    dbd-odbc (0.2.5)
      dbi (>= 0.4.0)
    dbi (0.4.5)
      deprecated (= 2.0.1)
    deprecated (2.0.1)
    domain_name (0.5.20161021)
      unf (>= 0.0.5, < 1.0.0)
    ethon (0.9.1)
      ffi (>= 1.3.0)
    faraday (0.10.0)
      multipart-post (>= 1.2, < 3)
    faraday_middleware (0.10.1)
      faraday (>= 0.7.4, < 1.0)
    ffi (1.9.14)
    hashdiff (0.3.0)
    http-cookie (1.0.3)
      domain_name (~> 0.5)
    i18n (0.7.0)
    ims-lti (1.1.13)
      builder
      oauth (>= 0.4.5, < 0.6)
    json (1.8.3)
    mail (2.6.4)
      mime-types (>= 1.16, < 4)
    metaclass (0.0.4)
    mime-types (2.99.3)
    minitest (5.9.1)
    minitest-rg (5.2.0)
      minitest (~> 5.0)
    mocha (1.2.1)
      metaclass (~> 0.0.1)
    mono_logger (1.1.0)
    multi_json (1.12.1)
    multipart-post (2.0.0)
    net-scp (1.2.1)
      net-ssh (>= 2.6.5)
    net-ssh (3.2.0)
    netrc (0.11.0)
    oauth (0.5.1)
    public_suffix (2.0.4)
    rack (1.6.5)
    rack-protection (1.5.3)
      rack
    rack-ssl-enforcer (0.2.9)
    rack-test (0.6.3)
      rack (>= 1.0)
    rake (10.5.0)
    redis (3.3.1)
    redis-activesupport (5.0.1)
      activesupport (>= 3, < 6)
      redis-store (~> 1.2.0)
    redis-namespace (1.5.2)
      redis (~> 3.0, >= 3.0.4)
    redis-store (1.2.0)
      redis (>= 2.2)
    resque (1.26.0)
      mono_logger (~> 1.0)
      multi_json (~> 1.0)
      redis-namespace (~> 1.3)
      sinatra (>= 0.9.2)
      vegas (~> 0.1.2)
    rest-client (1.8.0)
      http-cookie (>= 1.0.2, < 2.0)
      mime-types (>= 1.16, < 3.0)
      netrc (~> 0.7)
    ruby-odbc (0.99997)
    safe_yaml (1.0.4)
    sinatra (1.4.7)
      rack (~> 1.5)
      rack-protection (~> 1.4)
      tilt (>= 1.3, < 3)
    sinatra-canvas_auth (0.1.0)
      rest-client (~> 1.8)
      sinatra (~> 1.4)
    sinatra-config-file (1.0)
      sinatra-contrib
    sinatra-contrib (1.4.7)
      backports (>= 2.0)
      multi_json
      rack-protection
      rack-test
      sinatra (~> 1.4.0)
      tilt (>= 1.3, < 3)
    sinatra-flash (0.3.0)
      sinatra (>= 1.0.0)
    slim (3.0.7)
      temple (~> 0.7.6)
      tilt (>= 1.3.3, < 2.1)
    sshkit (1.11.4)
      net-scp (>= 1.1.2)
      net-ssh (>= 2.8.0)
    temple (0.7.7)
    thread_safe (0.3.5)
    tilt (2.0.5)
    typhoeus (1.1.0)
      ethon (>= 0.9.0)
    tzinfo (1.2.2)
      thread_safe (~> 0.1)
    unf (0.1.4)
      unf_ext
    unf_ext (0.0.7.2)
    vegas (0.1.11)
      rack (>= 1.0.0)
    webmock (2.1.0)
      addressable (>= 2.3.6)
      crack (>= 0.3.2)
      hashdiff

PLATFORMS
  ruby

DEPENDENCIES
  byebug (~> 8.2)
  capistrano (~> 3.5)
  capistrano-bundler (~> 1.1)
  ims-lti (~> 1.1)
  minitest (~> 5.8)
  minitest-rg (~> 5.2)
  mocha (~> 1.1)
  webmock (~> 2.1.0)
  wolf_core!

BUNDLED WITH
   1.12.4
